GEM
  remote: https://rubygems.org/
  specs:
    cinch (2.3.1)
    cinchize (0.4.2)
      cinch (>= 2.0.1)
      daemons
    daemons (1.2.3)
    mini_portile2 (2.0.0)
    nokogiri (1.6.7.2)
      mini_portile2 (~> 2.0.0.rc2)
    nokogiri (1.6.7.2-x64-mingw32)
      mini_portile2 (~> 2.0.0.rc2)

PLATFORMS
  ruby
  x64-mingw32

DEPENDENCIES
  cinch
  cinchize
  nokogiri

BUNDLED WITH
   1.11.2
